GEM
  remote: https://rubygems.org/
  specs:
    RedCloth (4.2.8)
    albino (1.3.3)
      posix-spawn (>= 0.3.6)
    blankslate (2.1.2.4)
    chunky_png (1.3.4)
    classifier (1.3.3)
      fast-stemmer (>= 1.0.0)
    compass (0.12.7)
      chunky_png (~> 1.2)
      fssm (>= 0.2.7)
      sass (~> 3.2.19)
    directory_watcher (1.4.0)
    fast-stemmer (1.0.0)
    ffi (1.0.11)
    fssm (0.2.10)
    haml (4.0.6)
      tilt
    jekyll (0.11.0)
      albino (>= 1.3.2)
      classifier (>= 1.3.1)
      directory_watcher (>= 1.1.1)
      kramdown (>= 0.13.2)
      liquid (>= 1.9.0)
      maruku (>= 0.5.9)
    kramdown (0.13.3)
    liquid (3.0.0)
    maruku (0.7.2)
    posix-spawn (0.3.6)
    pygments.rb (0.1.3)
      rubypython (>= 0.5.1)
    rack (1.3.2)
    rake (10.4.2)
    rb-fsevent (0.9.0)
    rdiscount (1.6.8)
    rubypants (0.2.0)
    rubypython (0.5.1)
      blankslate (>= 2.1.2.3)
      ffi (~> 1.0.7)
    sass (3.2.19)
    sinatra (1.2.6)
      rack (~> 1.1)
      tilt (>= 1.2.2, < 2.0)
    stringex (1.3.0)
    tilt (1.3.2)

PLATFORMS
  ruby

DEPENDENCIES
  RedCloth
  chunky_png
  compass (>= 0.11)
  haml (>= 3.1)
  jekyll
  liquid
  pygments.rb
  rack
  rake
  rb-fsevent (= 0.9.0)
  rdiscount
  rubypants
  sinatra (= 1.2.6)
  stringex

BUNDLED WITH
   1.17.1
